GEM
  remote: https://rubygems.org/
  specs:
    coderay (1.1.3)
    diff-lcs (1.4.4)
    method_source (1.0.0)
    pry (0.14.0)
      coderay (~> 1.1)
      method_source (~> 1.0)
    rspec (3.10.0)
      rspec-core (~> 3.10.0)
      rspec-expectations (~> 3.10.0)
      rspec-mocks (~> 3.10.0)
    rspec-core (3.10.1)
      rspec-support (~> 3.10.0)
    rspec-expectations (3.10.1)
      diff-lcs (>= 1.2.0, < 2.0)
      rspec-support (~> 3.10.0)
    rspec-mocks (3.10.2)
      diff-lcs (>= 1.2.0, < 2.0)
      rspec-support (~> 3.10.0)
    rspec-support (3.10.2)

PLATFORMS
<<<<<<< HEAD
  x86_64-darwin-20
=======
  ruby
>>>>>>> 06f2717050cad6a861ca65e3b3dcd5e796c8126e

DEPENDENCIES
  pry
  rspec

BUNDLED WITH
<<<<<<< HEAD
   2.2.8
=======
   2.0.1
>>>>>>> 06f2717050cad6a861ca65e3b3dcd5e796c8126e
